GIT
  remote: git://github.com/andi/simple-navigation.git
  revision: 04315d6dd5a1bde7d02e4c49d89a90a283c67a31
  specs:
    simple-navigation (3.10.1)
      activesupport (>= 2.3.2)

GIT
  remote: git://github.com/edgarjs/ajaxful-rating.git
  revision: f22e2c38d601f8279e959fbe9a578b2314235505
  branch: rails3
  specs:
    ajaxful_rating (3.0.0.beta8)

GIT
  remote: git://github.com/fltiago/webmock
  revision: 7e34b7b727ee3b0f8f224f516476011d2a022199
  specs:
    webmock (1.9.0)
      addressable (>= 2.2.7)
      crack (>= 0.1.7)

GIT
  remote: git://github.com/guiocavalcanti/scribd_fu.git
  revision: 422926986f993bf4d72fcaa981dea221ecc86641
  branch: without-scape
  specs:
    scribd_fu (2.0.11)
      rscribd

GIT
  remote: git://github.com/jongilbraith/simple-private-messages.git
  revision: 7ba7d3c9f7670ef3bddfc90390a49556a94f7013
  specs:
    simple-private-messages (0.0.0)

GIT
  remote: git://github.com/mbleigh/acts-as-taggable-on.git
  revision: 18d95ef13700a90d9cf1eb40e24ceb0d3bfe90e7
  specs:
    acts-as-taggable-on (2.4.1.pre)
      rails (>= 3, < 5)

GIT
  remote: git://github.com/ndbroadbent/actionmailer_inline_css.git
  revision: f7e7049355b23aec30e9db76cad9a02e61b84089
  branch: master
  specs:
    actionmailer_inline_css (1.5.3)
      actionmailer (>= 3.0.0)
      nokogiri (>= 1.4.4)
      premailer (>= 1.7.1)

GIT
  remote: git://github.com/patmaddox/no-peeping-toms.git
  revision: 7e4148731caf9a09d8f3c91a8e5303d369753643
  specs:
    no_peeping_toms (2.1.3)
      activerecord (>= 3.0.0)
      activesupport (>= 3.0.0)

GIT
  remote: git@github.com:jessicabarbalho/has_friends.git
  revision: bcb9026a9110732ea9d6e4de568cbb2d1e283d8f
  specs:
    has_friends (0.0.3)

GIT
  remote: git@github.com:redu/invitable.git
  revision: 8f56a767909ab59220964304fb78364f49a42315
  specs:
    invitable (0.0.7)
      rails (>= 3.0.10)

GEM
  remote: http://rubygems.org/
  remote: http://gems.github.com/
  remote: http://reduadmin:pomp64bozos@the-shire.herokuapp.com/
  specs:
    aasm (3.0.16)
    actionmailer (3.2.13)
      actionpack (= 3.2.13)
      mail (~> 2.5.3)
    actionpack (3.2.13)
      activemodel (= 3.2.13)
      activesupport (= 3.2.13)
      builder (~> 3.0.0)
      erubis (~> 2.7.0)
      journey (~> 1.0.4)
      rack (~> 1.4.5)
      rack-cache (~> 1.2)
      rack-test (~> 0.6.1)
      sprockets (~> 2.2.1)
    activemodel (3.2.13)
      activesupport (= 3.2.13)
      builder (~> 3.0.0)
    activerecord (3.2.13)
      activemodel (= 3.2.13)
      activesupport (= 3.2.13)
      arel (~> 3.0.2)
      tzinfo (~> 0.3.29)
    activerecord-import (0.3.1)
      activerecord (~> 3.0)
      activerecord (~> 3.0)
    activeresource (3.2.13)
      activemodel (= 3.2.13)
      activesupport (= 3.2.13)
    activesupport (3.2.13)
      i18n (= 0.6.1)
      multi_json (~> 1.0)
    acts_as_tree (0.1.1)
    addressable (2.3.4)
    amq-client (1.0.2)
      amq-protocol (>= 1.2.0)
      eventmachine
    amq-protocol (1.5.0)
    amqp (1.0.2)
      amq-client (~> 1.0.2)
      amq-protocol (>= 1.3.0)
      eventmachine
    arel (3.0.2)
    authlogic (3.3.0)
      activerecord (>= 3.2)
      activesupport (>= 3.2)
    awesome_nested_fields (0.6.4)
      rails (>= 3.0.0)
    aws-s3 (0.6.3)
      builder
      mime-types
      xml-simple
    aws-sdk (1.9.2)
      json (~> 1.4)
      nokogiri (>= 1.4.4)
      uuidtools (~> 2.1)
    bson (1.8.5)
    bson_ext (1.8.5)
      bson (~> 1.8.5)
    builder (3.0.4)
    bunny (0.9.0.pre9)
      amq-protocol (>= 1.2.0)
    cancan (1.6.9)
    childprocess (0.3.9)
      ffi (~> 1.0, >= 1.0.11)
    chronic (0.9.1)
    chunky_png (1.2.8)
    ckeditor (3.4.2.pre)
      mime-types (>= 1.16)
    classy_enum (3.2.0)
      rails (>= 3.0)
    cocaine (0.3.2)
    columnize (0.3.6)
    compass (0.12.2)
      chunky_png (~> 1.2)
      fssm (>= 0.2.7)
      sass (~> 3.1)
    compass-rails (1.0.3)
      compass (>= 0.12.2, < 0.14)
    config_parser (0.5.5)
    configurable (1.0.0)
      config_parser (~> 0.5.4)
      lazydoc (~> 1.0)
    cookiejar (0.3.0)
    crack (0.3.2)
    css_parser (1.3.4)
      addressable
    cssmin (1.0.3)
    daemons (1.0.10)
    dalli (2.6.2)
    date_validator (0.6.4)
      activemodel (>= 3)
    deep_cloneable (1.5.1)
      activerecord (>= 3.1)
    delayed_job (3.0.5)
      activesupport (~> 3.0)
    delayed_job_mongoid (1.1.0)
      delayed_job (~> 3.0)
      mongo (~> 1.6)
      mongoid (>= 2.0)
    destroy_soon (0.0.6)
      activerecord (>= 3.0.20)
      activesupport (>= 3.0.20)
      rake
    diff-lcs (1.2.4)
    dynamic_form (1.1.4)
    em-http-request (1.0.3)
      addressable (>= 2.2.3)
      cookiejar
      em-socksify
      eventmachine (>= 1.0.0.beta.4)
      http_parser.rb (>= 0.5.3)
    em-socksify (0.2.1)
      eventmachine (>= 1.0.0.beta.4)
    erubis (2.7.0)
    eventmachine (1.0.3)
    exceptional (2.0.33)
      rack
    ey_config (0.0.6)
    factory_girl (2.6.4)
      activesupport (>= 2.3.9)
    factory_girl_rails (1.7.0)
      factory_girl (~> 2.6.0)
      railties (>= 3.0.0)
    faraday (0.8.7)
      multipart-post (~> 1.1)
    ffi (1.8.1)
    fssm (0.2.10)
    hash-deep-merge (0.1.1)
    hashie (2.0.4)
    hike (1.2.2)
    hooks (0.2.2)
    htmlentities (4.3.1)
    http_parser.rb (0.5.3)
    httpauth (0.2.0)
    humanizer (2.4.4)
    i18n (0.6.1)
    jammit (0.6.6)
      cssmin (>= 1.0.3)
      jsmin (>= 1.0.1)
    jammit-s3 (0.6.0.2)
      jammit (>= 0.5.4)
      mimemagic (>= 0.1.7)
      s3 (>= 0.3.7)
    jasmine (1.3.2)
      jasmine-core (~> 1.3.1)
      rack (~> 1.0)
      rspec (>= 1.3.1)
      selenium-webdriver (>= 0.1.3)
    jasmine-core (1.3.1)
    journey (1.0.4)
    jquery-rails (2.2.1)
      railties (>= 3.0, < 5.0)
      thor (>= 0.14, < 2.0)
    jsmin (1.0.1)
    json (1.7.7)
    jwt (0.1.6)
      multi_json (>= 1.0)
    kaminari (0.14.1)
      actionpack (>= 3.0.0)
      activesupport (>= 3.0.0)
    lazy_high_charts (1.4.2)
      bundler (>= 1.0)
      hash-deep-merge
    lazydoc (1.0)
    linecache (0.46)
      rbx-require-relative (> 0.0.4)
    mail (2.5.3)
      i18n (>= 0.4.0)
      mime-types (~> 1.16)
      treetop (~> 1.4.8)
    mime-types (1.23)
    mimemagic (0.2.0)
    mongo (1.8.5)
      bson (~> 1.8.5)
    mongoid (2.7.1)
      activemodel (~> 3.1)
      mongo (~> 1.8)
      tzinfo (~> 0.3.22)
    multi_json (1.7.3)
    multipart-post (1.2.0)
    mysql2 (0.3.11)
    newrelic_rpm (3.0.1)
    nokogiri (1.5.9)
    oauth (0.4.7)
    oauth-plugin (0.4.1)
      multi_json
      oauth (~> 0.4.4)
      oauth2 (>= 0.5.0)
      rack
    oauth2 (0.8.1)
      faraday (~> 0.8)
      httpauth (~> 0.1)
      jwt (~> 0.1.4)
      multi_json (~> 1.0)
      rack (~> 1.2)
    omniauth (1.1.4)
      hashie (>= 1.2, < 3)
      rack
    omniauth-facebook (1.4.1)
      omniauth-oauth2 (~> 1.1.0)
    omniauth-oauth2 (1.1.1)
      oauth2 (~> 0.8.0)
      omniauth (~> 1.0)
    pagseguro (0.1.13)
    paperclip (2.7.5)
      activerecord (>= 2.3.0)
      activesupport (>= 2.3.2)
      cocaine (~> 0.3.0)
      mime-types
    polyglot (0.3.3)
    pr_geohash (1.0.0)
    premailer (1.7.3)
      css_parser (>= 1.1.9)
      htmlentities (>= 4.0.0)
    proxies (0.2.1)
    pusher (0.11.3)
      multi_json (~> 1.0)
      signature (~> 0.1.6)
    rack (1.4.5)
    rack-cache (1.2)
      rack (>= 0.4)
    rack-cors (0.2.7)
      rack
    rack-ssl (1.3.3)
      rack
    rack-test (0.6.2)
      rack (>= 1.0)
    rails (3.2.13)
      actionmailer (= 3.2.13)
      actionpack (= 3.2.13)
      activerecord (= 3.2.13)
      activeresource (= 3.2.13)
      activesupport (= 3.2.13)
      bundler (~> 1.0)
      railties (= 3.2.13)
    rails-translate-routes (0.1.3)
      activesupport (>= 3.1)
    rails3-generators (1.0.0)
      railties (>= 3.0.0)
    railties (3.2.13)
      actionpack (= 3.2.13)
      activesupport (= 3.2.13)
      rack-ssl (~> 1.3.2)
      rake (>= 0.8.7)
      rdoc (~> 3.4)
      thor (>= 0.14.6, < 2.0)
    rake (0.8.7)
    rbx-require-relative (0.0.9)
    rdoc (3.12.2)
      json (~> 1.4)
    redu_analytics (0.0.2)
      lazy_high_charts
    remotipart (1.0.5)
    representable (1.5.0)
      multi_json
      nokogiri
    roar (0.11.14)
      representable (>= 1.2.8)
    roar-rails (0.0.13)
      actionpack (~> 3.0)
      hooks
      railties (~> 3.0)
      representable (~> 1.4)
      roar (~> 0.10)
      test_xml
    rscribd (1.3.0)
      mime-types
    rsolr (1.0.9)
      builder (>= 2.1.2)
    rspec (2.13.0)
      rspec-core (~> 2.13.0)
      rspec-expectations (~> 2.13.0)
      rspec-mocks (~> 2.13.0)
    rspec-core (2.13.1)
    rspec-expectations (2.13.0)
      diff-lcs (>= 1.1.3, < 2.0)
    rspec-mocks (2.13.1)
    rspec-rails (2.13.0)
      actionpack (>= 3.0)
      activesupport (>= 3.0)
      railties (>= 3.0)
      rspec-core (~> 2.13.0)
      rspec-expectations (~> 2.13.0)
      rspec-mocks (~> 2.13.0)
    ruby-debug (0.10.4)
      columnize (>= 0.1)
      ruby-debug-base (~> 0.10.4.0)
    ruby-debug-base (0.10.4)
      linecache (>= 0.3)
    ruby-prof (0.13.0)
    rubyzip (0.9.9)
    s3 (0.3.11)
      proxies (~> 0.2.0)
    sass (3.2.8)
    selenium-webdriver (2.32.1)
      childprocess (>= 0.2.5)
      multi_json (~> 1.0)
      rubyzip
      websocket (~> 1.0.4)
    shoulda-matchers (2.0.0)
      activesupport (>= 3.0.0)
    signature (0.1.7)
    simple_acts_as_list (0.0.1)
      activesupport
    sprockets (2.2.2)
      hike (~> 1.2)
      multi_json (~> 1.0)
      rack (~> 1.0)
      tilt (~> 1.1, != 1.3.0)
    sunspot (2.0.0)
      pr_geohash (~> 1.0)
      rsolr (~> 1.0.7)
    sunspot_rails (2.0.0)
      nokogiri
      sunspot (= 2.0.0)
    sunspot_solr (2.0.0)
    system_timer (1.2.4)
    test_xml (0.1.4)
      nokogiri (>= 1.3.2)
    thor (0.18.1)
    tilt (1.3.7)
    treetop (1.4.12)
      polyglot
      polyglot (>= 0.3.1)
    tzinfo (0.3.37)
    untied-publisher (0.0.7.pre1)
      activerecord
      amqp
      bunny (>= 0.0.9.pre10)
      configurable
      json
      representable
    useragent (0.4.16)
    uuidtools (2.1.3)
    valium (0.5.0)
      activerecord (>= 3.0.2)
      activesupport (>= 2.3.4)
      chronic (>= 0.6.3)
    websocket (1.0.7)
    whenever (0.8.2)
    will_paginate (3.0.4)
    xml-simple (1.1.2)
    yajl-ruby (1.1.0)
    zencoder (2.4.4)
      multi_json

PLATFORMS
  ruby

DEPENDENCIES
  aasm
  actionmailer_inline_css!
  activerecord-import
  acts-as-taggable-on!
  acts_as_tree (~> 0.1.1)
  ajaxful_rating!
  authlogic
  awesome_nested_fields
  aws-s3
  aws-sdk
  bson_ext
  bundler (~> 1.2)
  cancan (~> 1.6.7)
  ckeditor (= 3.4.2.pre)
  classy_enum
  compass-rails
  daemons (= 1.0.10)
  dalli
  date_validator
  deep_cloneable
  delayed_job_mongoid
  destroy_soon
  dynamic_form
  em-http-request
  eventmachine
  exceptional
  ey_config
  factory_girl_rails (~> 1.7.0)
  has_friends!
  humanizer
  invitable!
  jammit-s3
  jasmine
  jquery-rails (>= 1.0.12)
  kaminari
  mime-types
  mysql2 (~> 0.3.11)
  newrelic_rpm (= 3.0.1)
  no_peeping_toms!
  oauth-plugin (~> 0.4.0)
  omniauth
  omniauth-facebook
  pagseguro (~> 0.1.10)
  paperclip (~> 2.7.5)
  pusher
  rack-cors
  rails (~> 3.2.13)
  rails-translate-routes
  rails3-generators
  rake (= 0.8.7)
  redu_analytics
  remotipart (~> 1.0)
  roar
  roar-rails
  rspec-rails (~> 2.13)
  ruby-debug
  ruby-prof
  scribd_fu!
  shoulda-matchers
  simple-navigation!
  simple-private-messages (= 0.0.0)!
  simple_acts_as_list
  sunspot_rails
  sunspot_solr
  system_timer
  untied-publisher (~> 0.0.7.pre1)
  useragent (~> 0.4.8)
  valium
  webmock!
  whenever
  will_paginate (~> 3.0.pre2)
  yajl-ruby
  zencoder
