GIT
  remote: git://github.com/OpenRedu/invitable.git
  revision: 8f56a767909ab59220964304fb78364f49a42315
  specs:
    invitable (0.0.7)
      rails (>= 3.0.10)

GIT
  remote: git://github.com/andi/simple-navigation.git
  revision: 3df3a88fd65645eba1d9fd8dcfd59804e9f6232c
  specs:
    simple-navigation (4.0.5)
      activesupport (>= 2.3.2)

GIT
  remote: git://github.com/edgarjs/ajaxful-rating.git
  revision: f22e2c38d601f8279e959fbe9a578b2314235505
  branch: rails3
  specs:
    ajaxful_rating (3.0.0.beta8)

GIT
  remote: git://github.com/guiocavalcanti/scribd_fu.git
  revision: 422926986f993bf4d72fcaa981dea221ecc86641
  branch: without-scape
  specs:
    scribd_fu (2.0.11)
      rscribd

GIT
  remote: git://github.com/jongilbraith/simple-private-messages.git
  revision: 7ba7d3c9f7670ef3bddfc90390a49556a94f7013
  specs:
    simple-private-messages (0.0.0)

GIT
  remote: git://github.com/openredu/vis_client.git
  revision: d351f22802d1c05bf085bbf430de710b0fb91ed0
  branch: ruby-1-9-3
  specs:
    vis_client (0.0.7)
      activerecord (>= 3)
      bson_ext (>= 1.5)
      configurable
      delayed_job_mongoid
      faraday
      json
      mongoid (>= 2.7)
      roar
      valium

GIT
  remote: git://github.com/patmaddox/no-peeping-toms.git
  revision: 7e4148731caf9a09d8f3c91a8e5303d369753643
  specs:
    no_peeping_toms (2.1.3)
      activerecord (>= 3.0.0)
      activesupport (>= 3.0.0)

GIT
  remote: git://github.com/redu/analytics.git
  revision: a777409d456f6e14894eac8e011f7046a14a1ae1
  specs:
    redu_analytics (0.0.3)
      lazy_high_charts

GEM
  remote: https://rubygems.org/
  specs:
    aasm (4.12.1)
      concurrent-ruby (~> 1.0)
    actionmailer (3.2.22.5)
      actionpack (= 3.2.22.5)
      mail (~> 2.5.4)
    actionpack (3.2.22.5)
      activemodel (= 3.2.22.5)
      activesupport (= 3.2.22.5)
      builder (~> 3.0.0)
      erubis (~> 2.7.0)
      journey (~> 1.0.4)
      rack (~> 1.4.5)
      rack-cache (~> 1.2)
      rack-test (~> 0.6.1)
      sprockets (~> 2.2.1)
    activemodel (3.2.22.5)
      activesupport (= 3.2.22.5)
      builder (~> 3.0.0)
    activerecord (3.2.22.5)
      activemodel (= 3.2.22.5)
      activesupport (= 3.2.22.5)
      arel (~> 3.0.2)
      tzinfo (~> 0.3.29)
    activerecord-import (0.19.1)
      activerecord (>= 3.2)
    activeresource (3.2.22.5)
      activemodel (= 3.2.22.5)
      activesupport (= 3.2.22.5)
    activesupport (3.2.22.5)
      i18n (~> 0.6, >= 0.6.4)
      multi_json (~> 1.0)
    acts-as-taggable-on (3.5.0)
      activerecord (>= 3.2, < 5)
    acts_as_tree (0.1.1)
    addressable (2.4.0)
    amq-protocol (1.9.2)
    amqp (1.5.3)
      amq-protocol (~> 1.9)
      eventmachine
    arel (3.0.3)
    authlogic (3.6.0)
      activerecord (>= 3.2, < 5.2)
      activesupport (>= 3.2, < 5.2)
      request_store (~> 1.0)
      scrypt (>= 1.2, < 4.0)
    awesome_nested_fields (0.6.4)
      rails (>= 3.0.0)
    bourne (1.6.0)
      mocha (~> 1.1)
    bson (1.12.5)
    bson_ext (1.12.5)
      bson (~> 1.12.5)
    builder (3.0.4)
    bunny (2.0.0)
      amq-protocol (>= 1.9.2)
    cancan (1.6.10)
    chronic (0.10.2)
    chunky_png (1.3.8)
    ckeditor (3.4.2.pre)
      mime-types (>= 1.16)
    classy_enum (3.2.1)
      rails (>= 3.0)
    cocaine (0.3.2)
    columnize (0.9.0)
    compass (0.12.2)
      chunky_png (~> 1.2)
      fssm (>= 0.2.7)
      sass (~> 3.1)
    compass-rails (2.0.0)
      compass (>= 0.12.2)
    concurrent-ruby (1.0.5)
    config_parser (0.5.5)
    configurable (1.0.0)
      config_parser (~> 0.5.4)
      lazydoc (~> 1.0)
    cookiejar (0.3.3)
    crack (0.4.3)
      safe_yaml (~> 1.0.0)
    css_parser (1.5.0)
      addressable
    daemons (1.0.10)
    dalli (2.7.6)
    date_validator (0.9.0)
      activemodel
      activesupport
    debugger (1.6.8)
      columnize (>= 0.3.1)
      debugger-linecache (~> 1.2.0)
      debugger-ruby_core_source (~> 1.3.5)
    debugger-linecache (1.2.0)
    debugger-ruby_core_source (1.3.8)
    declarative (0.0.9)
    declarative-option (0.1.0)
    deep_cloneable (2.3.0)
      activerecord (>= 3.1.0, < 5.2.0)
    delayed_job (4.1.3)
      activesupport (>= 3.0, < 5.2)
    delayed_job_mongoid (2.3.0)
      delayed_job (>= 3.0, < 5)
      mongoid (>= 3.0, < 7)
      mongoid-compatibility (>= 0.4.0)
    destroy_soon (0.0.6)
      activerecord (>= 3.0.20)
      activesupport (>= 3.0.20)
      rake
    diff-lcs (1.3)
    diffy (3.2.0)
    domain_name (0.5.20170404)
      unf (>= 0.0.5, < 1.0.0)
    dynamic_form (1.1.4)
    em-http-request (1.1.5)
      addressable (>= 2.3.4)
      cookiejar (!= 0.3.1)
      em-socksify (>= 0.3)
      eventmachine (>= 1.0.3)
      http_parser.rb (>= 0.6.0)
    em-socksify (0.3.1)
      eventmachine (>= 1.0.0.beta.4)
    erubis (2.7.0)
    eventmachine (1.2.5)
    exceptional (2.0.33)
      rack
    execjs (2.7.0)
    ey_config (0.0.7)
    factory_girl (4.8.0)
      activesupport (>= 3.0.0)
    factory_girl_rails (4.8.0)
      factory_girl (~> 4.8.0)
      railties (>= 3.0.0)
    faraday (0.12.2)
      multipart-post (>= 1.2, < 3)
    ffi (1.9.18)
    ffi-compiler (1.0.1)
      ffi (>= 1.0.0)
      rake
    fssm (0.2.10)
    hash-deep-merge (0.1.1)
    hashdiff (0.3.4)
    hashie (3.5.6)
    hike (1.2.3)
    htmlentities (4.3.4)
    http-cookie (1.0.3)
      domain_name (~> 0.5)
    http_parser.rb (0.6.0)
    humanizer (2.6.4)
    i18n (0.8.6)
    jasmine (2.7.0)
      jasmine-core (>= 2.7.0, < 3.0.0)
      phantomjs
      rack (>= 1.2.1)
      rake
    jasmine-core (2.7.0)
    journey (1.0.4)
    jquery-rails (3.1.4)
      railties (>= 3.0, < 5.0)
      thor (>= 0.14, < 2.0)
    json (1.8.6)
    jwt (1.5.6)
    kaminari (0.17.0)
      actionpack (>= 3.0.0)
      activesupport (>= 3.0.0)
    lazy_high_charts (1.5.8)
      hash-deep-merge
    lazydoc (1.0)
    libv8 (3.16.14.19)
    mail (2.5.5)
      mime-types (~> 1.16)
      treetop (~> 1.4.8)
    metaclass (0.0.4)
    mime-types (1.25.1)
    mini_portile2 (2.1.0)
    mocha (1.2.1)
      metaclass (~> 0.0.1)
    mongoid (3.1.7)
      activemodel (~> 3.2)
      moped (~> 1.4)
      origin (~> 1.0)
      tzinfo (~> 0.3.29)
    mongoid-compatibility (0.4.1)
      activesupport
      mongoid (>= 2.0)
    moped (1.5.3)
    multi_json (1.12.1)
    multi_xml (0.6.0)
    multipart-post (2.0.0)
    mysql2 (0.3.21)
    netrc (0.11.0)
    newrelic_rpm (3.18.1.330)
    nokogiri (1.6.8.1)
      mini_portile2 (~> 2.1.0)
    oauth (0.4.7)
    oauth-plugin (0.4.1)
      multi_json
      oauth (~> 0.4.4)
      oauth2 (>= 0.5.0)
      rack
    oauth2 (1.4.0)
      faraday (>= 0.8, < 0.13)
      jwt (~> 1.0)
      multi_json (~> 1.3)
      multi_xml (~> 0.5)
      rack (>= 1.2, < 3)
    omniauth (1.4.2)
      hashie (>= 1.2, < 4)
      rack (>= 1.0, < 3)
    omniauth-facebook (4.0.0)
      omniauth-oauth2 (~> 1.2)
    omniauth-oauth2 (1.4.0)
      oauth2 (~> 1.0)
      omniauth (~> 1.2)
    origin (1.1.0)
    paperclip (2.7.5)
      activerecord (>= 2.3.0)
      activesupport (>= 2.3.2)
      cocaine (~> 0.3.0)
      mime-types
    phantomjs (2.1.1.0)
    polyglot (0.3.5)
    pr_geohash (1.0.0)
    premailer (1.8.6)
      css_parser (>= 1.3.6)
      htmlentities (>= 4.0.0)
    premailer-rails (1.9.7)
      actionmailer (>= 3, < 6)
      premailer (~> 1.7, >= 1.7.9)
    rack (1.4.7)
    rack-cache (1.7.0)
      rack (>= 0.4)
    rack-cors (1.0.1)
    rack-ssl (1.3.4)
      rack
    rack-test (0.6.3)
      rack (>= 1.0)
    rails (3.2.22.5)
      actionmailer (= 3.2.22.5)
      actionpack (= 3.2.22.5)
      activerecord (= 3.2.22.5)
      activeresource (= 3.2.22.5)
      activesupport (= 3.2.22.5)
      bundler (~> 1.0)
      railties (= 3.2.22.5)
    rails3-generators (1.0.0)
      railties (>= 3.0.0)
    rails_autolink (1.1.6)
      rails (> 3.1)
    railties (3.2.22.5)
      actionpack (= 3.2.22.5)
      activesupport (= 3.2.22.5)
      rack-ssl (~> 1.3.2)
      rake (>= 0.8.7)
      rdoc (~> 3.4)
      thor (>= 0.14.6, < 2.0)
    rake (10.0.4)
    rdoc (3.12.2)
      json (~> 1.4)
    redu-has_friends (1.0.0)
    ref (2.0.0)
    remotipart (1.3.1)
    representable (3.0.4)
      declarative (< 0.1.0)
      declarative-option (< 0.2.0)
      uber (< 0.2.0)
    request_store (1.3.2)
    responders (1.1.2)
      railties (>= 3.2, < 4.2)
    rest-client (1.8.0)
      http-cookie (>= 1.0.2, < 2.0)
      mime-types (>= 1.16, < 3.0)
      netrc (~> 0.7)
    roar (1.1.0)
      representable (~> 3.0.0)
    roar-rails (1.1.0)
      actionpack
      railties (>= 3.0.0)
      responders
      roar (~> 1.1.0)
      test_xml (>= 0.1.6)
      uber (< 0.2.0)
    route_translator (4.4.1)
      actionpack (>= 3.2, < 5.0)
      activesupport (>= 3.2, < 5.0)
    rscribd (1.3.0)
      mime-types
    rsolr (1.0.9)
      builder (>= 2.1.2)
    rspec-collection_matchers (1.1.3)
      rspec-expectations (>= 2.99.0.beta1)
    rspec-core (2.99.2)
    rspec-expectations (2.99.2)
      diff-lcs (>= 1.1.3, < 2.0)
    rspec-mocks (2.99.4)
    rspec-rails (2.99.0)
      actionpack (>= 3.0)
      activemodel (>= 3.0)
      activesupport (>= 3.0)
      railties (>= 3.0)
      rspec-collection_matchers
      rspec-core (~> 2.99.0)
      rspec-expectations (~> 2.99.0)
      rspec-mocks (~> 2.99.0)
    ruby-prof (0.16.2)
    rubyzip (0.9.9)
    safe_yaml (1.0.4)
    sass (3.1.21)
    sass-rails (3.2.0)
      railties (~> 3.2.0.beta)
      sass (~> 3.1.10)
      tilt (~> 1.3)
    scrypt (3.0.5)
      ffi-compiler (>= 1.0, < 2.0)
    shoulda-matchers (1.5.6)
      activesupport (>= 3.0.0)
      bourne (~> 1.3)
    simple_acts_as_list (0.0.1)
      activesupport
    sprockets (2.2.3)
      hike (~> 1.2)
      multi_json (~> 1.0)
      rack (~> 1.0)
      tilt (~> 1.1, != 1.3.0)
    sunspot (2.0.0)
      pr_geohash (~> 1.0)
      rsolr (~> 1.0.7)
    sunspot_rails (2.0.0)
      nokogiri
      sunspot (= 2.0.0)
    sunspot_solr (2.0.0)
    test_xml (0.1.8)
      diffy (~> 3.0)
      nokogiri (>= 1.3.2)
    therubyracer (0.12.3)
      libv8 (~> 3.16.14.15)
      ref
    thor (0.19.4)
    tilt (1.4.1)
    treetop (1.4.15)
      polyglot
      polyglot (>= 0.3.1)
    truncate_html (0.9.3)
    turbo-sprockets-rails3 (0.3.6)
      railties (> 3.2.8, < 4.0.0)
      sprockets (>= 2.0.0)
    tzinfo (0.3.53)
    uber (0.1.0)
    uglifier (2.1.0)
      execjs (>= 0.3.0)
      multi_json (~> 1.0, >= 1.0.2)
    unf (0.1.4)
      unf_ext
    unf_ext (0.0.7.4)
    untied-publisher (0.0.7.pre3)
      activerecord
      amqp
      bunny (>= 0.0.9.pre13)
      configurable
      json
      representable
    useragent (0.16.8)
    valium (0.5.0)
      activerecord (>= 3.0.2)
    webmock (2.3.2)
      addressable (>= 2.3.6)
      crack (>= 0.3.2)
      hashdiff
    whenever (0.9.7)
      chronic (>= 0.6.3)
    yajl-ruby (1.3.0)

PLATFORMS
  ruby

DEPENDENCIES
  aasm
  activerecord-import
  acts-as-taggable-on
  acts_as_tree (~> 0.1.1)
  ajaxful_rating!
  authlogic
  awesome_nested_fields
  bson_ext
  bundler (~> 1.2)
  cancan (~> 1.6.7)
  chronic
  ckeditor (= 3.4.2.pre)
  classy_enum (~> 3.2)
  compass-rails
  daemons (= 1.0.10)
  dalli
  date_validator
  debugger
  deep_cloneable
  delayed_job_mongoid
  destroy_soon
  dynamic_form
  em-http-request
  eventmachine
  exceptional
  ey_config
  factory_girl_rails
  humanizer
  invitable!
  jasmine
  jquery-rails (>= 1.0.12)
  kaminari (~> 0.17)
  mime-types
  mysql2 (~> 0.3.21)
  newrelic_rpm
  no_peeping_toms!
  oauth-plugin (~> 0.4.0)
  omniauth
  omniauth-facebook (~> 4.0.0)
  paperclip (~> 2.7.5)
  premailer-rails
  rack-cors
  rails (~> 3.2.13)
  rails3-generators
  rails_autolink
  rake (~> 10.0.4)
  redu-has_friends (~> 1.0)
  redu_analytics!
  remotipart (~> 1.0)
  rest-client
  roar-rails
  route_translator
  rspec-rails (~> 2.13)
  ruby-prof
  rubyzip (~> 0.9)
  sass-rails (= 3.2)
  scribd_fu!
  shoulda-matchers (~> 1)
  simple-navigation!
  simple-private-messages (= 0.0.0)!
  simple_acts_as_list
  sunspot_rails (= 2.0)
  sunspot_solr (= 2.0)
  therubyracer
  truncate_html
  turbo-sprockets-rails3 (= 0.3.6)
  uglifier (= 2.1)
  untied-publisher (~> 0.0.7.pre3)
  useragent
  valium
  vis_client!
  webmock
  whenever
  yajl-ruby

RUBY VERSION
   ruby 1.9.3p551

BUNDLED WITH
   1.15.3
