GIT
  remote: git://github.com/alto/aasm.git
  revision: a6f77b5fa4981d92695e28d5984af56f1d79388c
  specs:
    aasm (2.2.0)

GIT
  remote: git://github.com/edgarjs/ajaxful-rating.git
  revision: 81b563ef4e4f7937b769ea64b589d990dc833b43
  branch: rails3
  specs:
    ajaxful_rating (3.0.0.beta3)

GEM
  remote: http://rubygems.org/
  remote: http://gems.github.com/
  specs:
    POpen4 (0.1.4)
      Platform (>= 0.4.0)
      open4
    Platform (0.4.0)
    aaronh-chronic (0.3.9)
    abstract (1.0.0)
    actionmailer (3.0.7)
      actionpack (= 3.0.7)
      mail (~> 2.2.15)
    actionpack (3.0.7)
      activemodel (= 3.0.7)
      activesupport (= 3.0.7)
      builder (~> 2.1.2)
      erubis (~> 2.6.6)
      i18n (~> 0.5.0)
      rack (~> 1.2.1)
      rack-mount (~> 0.6.14)
      rack-test (~> 0.5.7)
      tzinfo (~> 0.3.23)
    active_enum (0.9.1)
    activemodel (3.0.7)
      activesupport (= 3.0.7)
      builder (~> 2.1.2)
      i18n (~> 0.5.0)
    activerecord (3.0.7)
      activemodel (= 3.0.7)
      activesupport (= 3.0.7)
      arel (~> 2.0.2)
      tzinfo (~> 0.3.23)
    activeresource (3.0.7)
      activemodel (= 3.0.7)
      activesupport (= 3.0.7)
    activesupport (3.0.7)
    acts-as-taggable-on (2.0.6)
    ar_mailer_rails3 (2.1.12)
    arel (2.0.9)
    authlogic (3.0.2)
      activerecord (~> 3.0.7)
      activerecord (~> 3.0.7)
    aws-s3 (0.6.2)
      builder
      mime-types
      xml-simple
    builder (2.1.2)
    cancan (1.6.4)
    childprocess (0.1.9)
      ffi (~> 1.0.6)
    ckeditor (3.4.2.pre)
      mime-types (>= 1.16)
    closure-compiler (1.1.1)
    columnize (0.3.2)
    crack (0.1.8)
    daemons (1.1.3)
    date_validator (0.6.1)
      activemodel (~> 3.0.0)
    deep_cloneable (1.2.3)
    diff-lcs (1.1.2)
    dynamic_form (1.1.4)
    erubis (2.6.6)
      abstract (>= 1.0.0)
    eventmachine (0.12.10)
    factory_girl (1.3.3)
    factory_girl_rails (1.0.1)
      factory_girl (~> 1.3)
      railties (>= 3.0.0)
    ffi (1.0.9)
    i18n (0.5.0)
    jammit (0.6.0)
      closure-compiler (>= 0.1.0)
      yui-compressor (>= 0.9.1)
    jammit-s3 (0.6.0.2)
      jammit (>= 0.5.4)
      mimemagic (>= 0.1.7)
      s3 (>= 0.3.7)
    jasmine (1.0.2.1)
      json_pure (>= 1.4.3)
      rack (>= 1.1)
      rspec (>= 1.3.1)
      selenium-webdriver (>= 0.1.3)
    jquery-rails (1.0.5)
      railties (~> 3.0)
      thor (~> 0.14)
    json_pure (1.5.1)
    kaminari (0.12.4)
      rails (>= 3.0.0)
    linecache (0.43)
    mail (2.2.19)
      activesupport (>= 2.3.6)
      i18n (>= 0.4.0)
      mime-types (~> 1.16)
      treetop (~> 1.4.8)
    mime-types (1.16)
    mimemagic (0.1.8)
    multi_json (1.0.3)
    mysql2 (0.2.7)
    newrelic_rpm (3.0.1)
    open4 (1.0.1)
    pagseguro (0.1.10)
    paperclip (2.3.11)
      activerecord (>= 2.3.0)
      activesupport (>= 2.3.2)
    polyglot (0.3.1)
    proxies (0.2.1)
    pusher (0.8.1)
      crack (~> 0.1.0)
      multi_json (~> 1.0)
      ruby-hmac (~> 0.4.0)
      signature (~> 0.1.2)
    rack (1.2.3)
    rack-mount (0.6.14)
      rack (>= 1.0.0)
    rack-test (0.5.7)
      rack (>= 1.0)
    rails (3.0.7)
      actionmailer (= 3.0.7)
      actionpack (= 3.0.7)
      activerecord (= 3.0.7)
      activeresource (= 3.0.7)
      activesupport (= 3.0.7)
      bundler (~> 1.0)
      railties (= 3.0.7)
    railties (3.0.7)
      actionpack (= 3.0.7)
      activesupport (= 3.0.7)
      rake (>= 0.8.7)
      thor (~> 0.14.4)
    rake (0.8.7)
    rd_searchlogic (3.0.1)
      activerecord (>= 3.0.0)
    remotipart (0.3.4)
    rscribd (1.2.0)
      mime-types
    rspec (2.6.0)
      rspec-core (~> 2.6.0)
      rspec-expectations (~> 2.6.0)
      rspec-mocks (~> 2.6.0)
    rspec-core (2.6.4)
    rspec-expectations (2.6.0)
      diff-lcs (~> 1.1.2)
    rspec-mocks (2.6.0)
    rspec-rails (2.6.0)
      actionpack (~> 3.0)
      activesupport (~> 3.0)
      railties (~> 3.0)
      rspec (~> 2.6.0)
    ruby-debug (0.10.4)
      columnize (>= 0.1)
      ruby-debug-base (~> 0.10.4.0)
    ruby-debug-base (0.10.4)
      linecache (>= 0.3)
    ruby-hmac (0.4.0)
    rubyzip (0.9.4)
    s3 (0.3.8)
      proxies (~> 0.2.0)
    scribd_fu (2.0.11)
      rscribd
    selenium-webdriver (0.2.1)
      childprocess (>= 0.1.7)
      ffi (>= 1.0.7)
      json_pure
      rubyzip
    shoulda-matchers (1.0.0.beta2)
    shuber-sortable (1.0.6)
    signature (0.1.2)
      ruby-hmac
    thin (1.2.11)
      daemons (>= 1.0.9)
      eventmachine (>= 0.12.6)
      rack (>= 1.0.0)
    thor (0.14.6)
    translate_routes (3.0.3)
    treetop (1.4.9)
      polyglot (>= 0.3.1)
    tzinfo (0.3.27)
    whenever (0.6.7)
      aaronh-chronic (>= 0.3.9)
      activesupport (>= 2.3.4)
    will_paginate (3.0.pre2)
    xml-simple (1.0.15)
    yui-compressor (0.9.6)
      POpen4 (>= 0.1.4)
    zencoder (2.3.1)
      activesupport
      i18n

PLATFORMS
  ruby

DEPENDENCIES
  aasm!
  active_enum
  acts-as-taggable-on
  ajaxful_rating!
  ar_mailer_rails3
  authlogic
  aws-s3
  bundler (= 1.0.10)
  cancan
  ckeditor (= 3.4.2.pre)
  date_validator
  deep_cloneable
  dynamic_form
  factory_girl_rails
  jammit-s3
  jasmine
  jquery-rails (>= 1.0.3)
  kaminari
  mime-types
  mysql2 (~> 0.2.1)
  newrelic_rpm (= 3.0.1)
  pagseguro (~> 0.1.10)
  paperclip
  pusher
  rails (= 3.0.7)
  rake (= 0.8.7)
  rd_searchlogic
  remotipart (>= 0.3.4)
  rspec-rails
  ruby-debug
  scribd_fu
  shoulda-matchers
  shuber-sortable
  thin
  translate_routes
  whenever
  will_paginate (~> 3.0.pre2)
  zencoder
