GIT
  remote: https://github.com/collectiveidea/delayed_job.git
  revision: 3b75e2a81035cce26089e7187570d8ed730e945a
  branch: v2.0
  specs:
    delayed_job (2.0.6)
      daemons

GIT
  remote: https://github.com/guiocavalcanti/scribd_fu.git
  revision: 99d74753a12f0f50a632a5b6dc7916e58c0f6e47
  specs:
    scribd_fu (2.0.9)
      rscribd

GEM
  remote: http://rubygems.org/
  remote: http://gems.github.com/
  specs:
    aanand-deadweight (0.1.0)
      css_parser
      hpricot
    actionmailer (2.3.6)
      actionpack (= 2.3.6)
    actionpack (2.3.6)
      activesupport (= 2.3.6)
      rack (~> 1.1.0)
    activerecord (2.3.6)
      activesupport (= 2.3.6)
    activeresource (2.3.6)
      activesupport (= 2.3.6)
    activesupport (2.3.6)
    adzap-ar_mailer (2.1.8)
    authlogic (2.1.6)
      activesupport
    cancan (1.4.1)
    cgi_multipart_eof_fix (2.5.0)
    columnize (0.3.2)
    css_parser (1.1.5)
    daemons (1.1.0)
    desert (0.5.4)
    factory_girl (1.3.3)
    faker (0.9.4)
      i18n (~> 0.4)
    fastthread (1.0.7)
    gem_plugin (0.2.3)
    ghazel-daemons (1.0.13)
    haml (3.0.25)
    hpricot (0.8.3)
    htmlentities (4.2.1)
    i18n (0.4.2)
    icalendar (1.1.5)
    linecache (0.43)
    mime-types (1.16)
    mongrel (1.1.5)
      cgi_multipart_eof_fix (>= 2.4)
      daemons (>= 1.0.3)
      fastthread (>= 1.0.1)
      gem_plugin (>= 0.2.3)
    mysql (2.8.1)
    newrelic_rpm (2.13.1)
    oauth (0.4.4)
    packet (0.1.15)
    paperclip (2.3.8)
      activerecord
      activesupport
    parseline (1.0.3)
    rack (1.1.0)
    rails (2.3.6)
      actionmailer (= 2.3.6)
      actionpack (= 2.3.6)
      activerecord (= 2.3.6)
      activeresource (= 2.3.6)
      activesupport (= 2.3.6)
      rake (>= 0.8.3)
    rake (0.8.7)
    right_aws (2.0.0)
      right_http_connection (>= 1.2.1)
    right_http_connection (1.2.4)
    rmagick (2.12.2)
    rscribd (1.2.0)
      mime-types
    rspec (1.3.1)
    rspec-rails (1.3.3)
      rack (>= 1.0.0)
      rspec (= 1.3.1)
    ruby-debug (0.10.4)
      columnize (>= 0.1)
      ruby-debug-base (~> 0.10.4.0)
    ruby-debug-base (0.10.4)
      linecache (>= 0.3)
    shoulda (2.11.3)
    shuber-sortable (1.0.6)
    validatable (1.6.7)
    will_paginate (2.3.15)
    zencoder (2.3.1)
      activesupport
      i18n

PLATFORMS
  ruby

DEPENDENCIES
  aanand-deadweight
  adzap-ar_mailer
  authlogic
  cancan (= 1.4.1)
  delayed_job!
  desert
  factory_girl
  faker
  ghazel-daemons
  haml
  hpricot
  htmlentities (= 4.2.1)
  i18n (~> 0.4.0)
  icalendar
  mime-types
  mongrel
  mysql
  newrelic_rpm (= 2.13.1)
  oauth
  packet
  paperclip (~> 2.3)
  parseline
  rails (= 2.3.6)
  rake (= 0.8.7)
  right_aws (~> 2.0.0)
  rmagick (= 2.12.2)
  rscribd
  rspec (~> 1.3)
  rspec-rails (~> 1.3)
  ruby-debug
  scribd_fu!
  shoulda
  shuber-sortable
  validatable
  will_paginate (~> 2.3.11)
  zencoder
